PATH
  remote: .
  specs:
    ttevents (0.1.0)

GEM
  remote: https://rubygems.org/
  specs:
    mini_portile2 (2.3.0)
    nokogiri (1.8.4-x64-mingw32)
      mini_portile2 (~> 2.3.0)
    rake (10.5.0)
    require_all (2.0.0)

PLATFORMS
  x64-mingw32

DEPENDENCIES
  bundler (~> 1.16)
  nokogiri
  rake (~> 10.0)
  require_all
  ttevents!

BUNDLED WITH
   1.16.4
